GEM
  remote: https://rubygems.org/
  specs:
    ruby-kafka (0.3.5)

PLATFORMS
  ruby

DEPENDENCIES
  ruby-kafka

BUNDLED WITH
   1.11.2
