GEM
  remote: https://rubygems.org/
  specs:
    docker-api (1.26.2)
      excon (>= 0.38.0)
      json
    excon (0.47.0)
    json (1.8.3)
    rake (10.5.0)
    ruby-kafka (0.3.5)

PLATFORMS
  ruby

DEPENDENCIES
  docker-api
  rake
  ruby-kafka

BUNDLED WITH
   1.11.2
